GEM
  remote: https://rubygems.org/
  specs:
    domain_name (0.5.20180417)
      unf (>= 0.0.5, < 1.0.0)
    faraday (0.15.0)
      multipart-post (>= 1.2, < 3)
    faraday-cookie_jar (0.0.6)
      faraday (>= 0.7.4)
      http-cookie (~> 1.0.0)
    faraday_middleware (0.12.2)
      faraday (>= 0.7.4, < 1.0)
    http-cookie (1.0.3)
      domain_name (~> 0.5)
    multi_json (1.13.1)
    multipart-post (2.0.0)
    sumologic (0.1.0)
      faraday (~> 0.9, >= 0.9)
      faraday-cookie_jar (~> 0, >= 0)
      faraday_middleware (~> 0, >= 0)
      multi_json (~> 1)
    terminal-table (1.5.2)
    unf (0.1.4)
      unf_ext
    unf_ext (0.0.7.5)

PLATFORMS
  ruby

DEPENDENCIES
  sumologic
  terminal-table

BUNDLED WITH
   1.14.6
